PATH
  remote: .
  specs:
    toychain-node (0.0.1)

GEM
  remote: https://rubygems.org/
  specs:
    ffi (1.9.14)
    listen (3.1.5)
      rb-fsevent (~> 0.9, >= 0.9.4)
      rb-inotify (~> 0.9, >= 0.9.7)
      ruby_dep (~> 1.2)
    rake (11.2.2)
    rb-fsevent (0.9.7)
    rb-inotify (0.9.7)
      ffi (>= 0.5.0)
    rerun (0.11.0)
      listen (~> 3.0)
    ruby_dep (1.4.0)

PLATFORMS
  ruby

DEPENDENCIES
  bundler
  rake
  rerun
  toychain-data_structures!

BUNDLED WITH
   1.12.5
