GIT
  remote: git://github.com/big-org/toychain-data_structures.git
  revision: f8f0ab4f2d92bfd7b59c23772a92e349917803d4
  branch: node_cleanup
  specs:
    toychain-data_structures (0.0.1)

GEM
  remote: https://rubygems.org/
  specs:
    ansi (1.5.0)
    builder (3.2.2)
    coderay (1.1.1)
    method_source (0.8.2)
    minitest (5.9.0)
    minitest-reporters (1.1.11)
      ansi
      builder
      minitest (>= 5.0)
      ruby-progressbar
    pry (0.10.4)
      coderay (~> 1.1.0)
      method_source (~> 0.8.1)
      slop (~> 3.4)
    rake (10.5.0)
    ruby-progressbar (1.8.1)
    slop (3.6.0)

PLATFORMS
  ruby

DEPENDENCIES
  minitest
  minitest-reporters
  pry
  rake
  toychain-data_structures!

BUNDLED WITH
   1.12.5
